PATH
  remote: .
  specs:
    tumblargh (0.2.2)
      activesupport (>= 3.1)
      api_cache
      nokogiri
      treetop

GEM
  remote: https://rubygems.org/
  specs:
    activesupport (4.0.1)
      i18n (~> 0.6, >= 0.6.4)
      minitest (~> 4.2)
      multi_json (~> 1.3)
      thread_safe (~> 0.1)
      tzinfo (~> 0.3.37)
    api_cache (0.2.3)
    atomic (1.1.14)
    autotest-standalone (4.5.11)
    diff-lcs (1.2.4)
    i18n (0.6.5)
    mini_portile (0.5.2)
    minitest (4.7.5)
    multi_json (1.8.2)
    nokogiri (1.6.0)
      mini_portile (~> 0.5.0)
    polyglot (0.3.3)
    rake (10.1.0)
    rspec (2.14.1)
      rspec-core (~> 2.14.0)
      rspec-expectations (~> 2.14.0)
      rspec-mocks (~> 2.14.0)
    rspec-core (2.14.7)
    rspec-expectations (2.14.4)
      diff-lcs (>= 1.1.3, < 2.0)
    rspec-mocks (2.14.4)
    simplecov (0.7.1)
      multi_json (~> 1.0)
      simplecov-html (~> 0.7.1)
    simplecov-html (0.7.1)
    thread_safe (0.1.3)
      atomic
    treetop (1.4.15)
      polyglot
      polyglot (>= 0.3.1)
    tzinfo (0.3.38)

PLATFORMS
  ruby

DEPENDENCIES
  autotest-standalone
  rake
  rspec
  simplecov
  tumblargh!
